GEM
  remote: http://rubygems.org/
  specs:
    activemodel (3.0.7)
      activesupport (= 3.0.7)
      builder (~> 2.1.2)
      i18n (~> 0.5.0)
    activesupport (3.0.7)
    bson (1.3.0)
    builder (2.1.2)
    i18n (0.5.0)
    mongo (1.3.0)
      bson (>= 1.3.0)
    mongo_mapper (0.9.0)
      activemodel (~> 3.0.0)
      activesupport (~> 3.0.0)
      plucky (~> 0.3.6)
    plucky (0.3.8)
      mongo (~> 1.3)
    rack (1.2.2)
    sinatra (1.2.6)
      rack (~> 1.1)
      tilt (>= 1.2.2, < 2.0)
    tilt (1.3)

PLATFORMS
  ruby

DEPENDENCIES
  mongo_mapper
  sinatra
